GEM
  remote: https://rubygems.org/
  specs:
    addressable (2.8.1)
      public_suffix (>= 2.0.2, < 5.0)
    ...
    webrick (1.7.0)

PLATFORMS
  ruby

DEPENDENCIES
  github-pages
  jekyll (~> 4.2.0)
  webrick (~> 1.7)

BUNDLED WITH
   2.2.22
